GEM
  remote: https://rubygems.org/
  specs:
    nokogiri (1.15.2-aarch64-linux)
      racc (~> 1.4)
    racc (1.6.2)

PLATFORMS
  aarch64-linux

DEPENDENCIES
  nokogiri

BUNDLED WITH
   2.4.10
